GEM
  remote: https://rubygems.org/
  specs:
    RubySunrise (0.3)
      tzinfo
    atomic (1.1.14)
    coderay (1.0.9)
    method_source (0.8.2)
    pry (0.9.12.2)
      coderay (~> 1.0.5)
      method_source (~> 0.8)
      slop (~> 3.4)
    slop (3.4.6)
    thread_safe (0.1.3)
      atomic
    tzinfo (1.1.0)
      thread_safe (~> 0.1)

PLATFORMS
  ruby

DEPENDENCIES
  RubySunrise
  pry
